GEM
  remote: https://rubygems.org/
  specs:
    andand (1.3.3)
    bcrypt-ruby (3.0.1)
    bcrypt-ruby (3.0.1-java)
    coffee-script (2.2.0)
      coffee-script-source
      execjs
    coffee-script-source (1.6.3)
    execjs (1.4.0)
      multi_json (~> 1.0)
    kul (0.2.1)
      andand (~> 1.3.3)
      coffee-script (~> 2.2)
      sass (~> 3.2.7)
      sinatra (~> 1.4.2)
      thor (~> 0.18.1)
    multi_json (1.7.7)
    rack (1.5.2)
    rack-protection (1.5.0)
      rack
    redis (3.0.4)
    sass (3.2.9)
    sinatra (1.4.3)
      rack (~> 1.4)
      rack-protection (~> 1.4)
      tilt (~> 1.3, >= 1.3.4)
    thor (0.18.1)
    tilt (1.4.1)

PLATFORMS
  java

DEPENDENCIES
  bcrypt-ruby (~> 3.0.0)
  kul (~> 0.2.0)
  redis (~> 3.0.0)
